PATH
  remote: .
  specs:
    oct (0.1.0)
      configatron (>= 2.5.1)
      term-ansicolor (>= 1.0.4)

GEM
  remote: http://rubygems.org/
  specs:
    aruba (0.2.3)
      background_process
      cucumber (~> 0.9.0)
    background_process (1.2)
    builder (2.1.2)
    configatron (2.6.3)
      yamler (>= 0.1.0)
    cucumber (0.9.4)
      builder (~> 2.1.2)
      diff-lcs (~> 1.1.2)
      gherkin (~> 2.2.9)
      json (~> 1.4.6)
      term-ansicolor (~> 1.0.5)
    diff-lcs (1.1.2)
    gherkin (2.2.9)
      json (~> 1.4.6)
      term-ansicolor (~> 1.0.5)
    json (1.4.6)
    kramdown (0.12.0)
    rake (0.8.7)
    rspec (1.3.1)
    term-ansicolor (1.0.5)
    yamler (0.1.0)
    yard (0.6.2)

PLATFORMS
  ruby

DEPENDENCIES
  aruba (>= 0.2.2)
  bundler (>= 1.0.7)
  configatron (>= 2.5.1)
  cucumber (>= 0.9.4)
  kramdown (>= 0.12.0)
  oct!
  rake (>= 0.8.7)
  rspec (= 1.3.1)
  term-ansicolor (>= 1.0.4)
  yard (>= 0.6.2)
